GIT
  remote: git://github.com/rtomayko/tilt.git
  revision: fe506cd77534464bf73c26f5d4775b1f056bcabf
  specs:
    tilt (1.3.3)

PATH
  remote: /home/jporter/projects/ruby/awestruct
  specs:
    awestruct (0.4.7)
      RedCloth (~> 4.2.9)
      asciidoctor (>= 0.0.9)
      bootstrap-sass (~> 2.1.0.0)
      coffee-script (~> 2.2.0)
      compass (~> 0.12.1)
      compass-960-plugin (~> 0.10.4)
      eventmachine (~> 1.0.0.rc.4)
      git (~> 1.2.5)
      haml (~> 3.1.4)
      hpricot (~> 0.8.6)
      htmlcompressor (~> 0.0.3)
      json (~> 1.6.6)
      less (~> 2.2.2)
      listen (~> 0.5.0)
      mustache (~> 0.99.4)
      nokogiri (~> 1.5.2)
      org-ruby (~> 0.5.3)
      rdiscount (~> 1.6.8)
      rest-client (~> 1.6.7)
      sass (~> 3.1.15)
      thin (~> 1.4.1)
      tilt (~> 1.3.3)
      yui-compressor (~> 0.9.4)

GEM
  remote: https://rubygems.org/
  specs:
    POpen4 (0.1.4)
      Platform (>= 0.4.0)
      open4
    Platform (0.4.0)
    RedCloth (4.2.9)
    asciidoctor (0.0.9)
    bootstrap-sass (2.1.0.1)
    chunky_png (1.2.7)
    coffee-script (2.2.0)
      coffee-script-source
      execjs
    coffee-script-source (1.4.0)
    commonjs (0.2.6)
    compass (0.12.2)
      chunky_png (~> 1.2)
      fssm (>= 0.2.7)
      sass (~> 3.1)
    compass-960-plugin (0.10.4)
      compass (>= 0.10.0)
    daemons (1.1.9)
    eventmachine (1.0.0)
    execjs (1.4.0)
      multi_json (~> 1.0)
    ffi (1.3.1)
    fssm (0.2.10)
    git (1.2.5)
    haml (3.1.7)
    hpricot (0.8.6)
    html_truncator (0.3.0)
      nokogiri (~> 1.4)
    htmlcompressor (0.0.4)
      yui-compressor (~> 0.9.6)
    json (1.6.7)
    less (2.2.2)
      commonjs (~> 0.2.6)
    libv8 (3.3.10.4)
    listen (0.5.3)
    mime-types (1.19)
    multi_json (1.5.0)
    mustache (0.99.4)
    nokogiri (1.5.6)
    open4 (1.3.0)
    org-ruby (0.5.3)
      rubypants (>= 0.2.0)
    rack (1.5.1)
    rb-inotify (0.8.8)
      ffi (>= 0.5.0)
    rdiscount (1.6.8)
    rest-client (1.6.7)
      mime-types (>= 1.16)
    rubypants (0.2.0)
    sass (3.1.21)
    therubyracer (0.10.2)
      libv8 (~> 3.3.10)
    thin (1.4.1)
      daemons (>= 1.0.9)
      eventmachine (>= 0.12.6)
      rack (>= 1.0.0)
    vpim (0.695)
    yui-compressor (0.9.6)
      POpen4 (>= 0.1.4)

PLATFORMS
  ruby

DEPENDENCIES
  awestruct!
  html_truncator
  rb-inotify (~> 0.8.8)
  therubyracer (~> 0.10.0)
  tilt!
  vpim
